GEM
  remote: http://rubygems.org/
  specs:
    actionmailer (2.3.11)
      actionpack (= 2.3.11)
    actionpack (2.3.11)
      activesupport (= 2.3.11)
      rack (~> 1.1.0)
    activerecord (2.3.11)
      activesupport (= 2.3.11)
    activeresource (2.3.11)
      activesupport (= 2.3.11)
    activesupport (2.3.11)
    authlogic (2.1.6)
      activesupport
    columnize (0.3.6)
    factory_girl (2.3.2)
      activesupport
    faker (0.3.1)
    linecache (0.46)
      rbx-require-relative (> 0.0.4)
    paperclip (2.3.3)
      activerecord
      activesupport
    populator (1.0.0)
    postgres (0.7.9.2008.01.28)
    prawn (0.6.3)
      prawn-core (>= 0.6.3, < 0.7)
      prawn-format (>= 0.2.3, < 0.3)
      prawn-layout (>= 0.3.2, < 0.4)
      prawn-security (>= 0.1.1, < 0.2)
    prawn-core (0.6.3)
    prawn-format (0.2.3)
      prawn-core
    prawn-layout (0.3.2)
    prawn-security (0.1.1)
    rack (1.1.2)
    rails (2.3.11)
      actionmailer (= 2.3.11)
      actionpack (= 2.3.11)
      activerecord (= 2.3.11)
      activeresource (= 2.3.11)
      activesupport (= 2.3.11)
      rake (>= 0.8.3)
    rake (0.8.7)
    rbx-require-relative (0.0.5)
    ruby-debug (0.10.4)
      columnize (>= 0.1)
      ruby-debug-base (~> 0.10.4.0)
    ruby-debug-base (0.10.4)
      linecache (>= 0.3)
    searchlogic (2.4.25)
      activerecord (>= 2.0.0)
    will_paginate (2.3.15)

PLATFORMS
  ruby

DEPENDENCIES
  authlogic (= 2.1.6)
  factory_girl
  faker (= 0.3.1)
  paperclip (= 2.3.3)
  populator (= 1.0.0)
  postgres (~> 0.7.9.2008.01.28)
  prawn (= 0.6.3)
  rails (= 2.3.11)
  rake (= 0.8.7)
  ruby-debug
  searchlogic (= 2.4.25)
  will_paginate (= 2.3.15)
